GEM
  remote: https://rubygems.org/
  specs:
    activesupport (4.2.11.3)
      i18n (~> 0.7)
      minitest (~> 5.1)
      thread_safe (~> 0.3, >= 0.3.4)
      tzinfo (~> 1.1)
    coderay (1.0.9)
    concurrent-ruby (1.1.9)
    diff-lcs (1.2.4)
    hiredis (0.4.5)
    i18n (0.9.5)
      concurrent-ruby (~> 1.0)
    method_source (0.8.1)
    mime-types (1.23)
    minitest (5.12.0)
    multi_json (1.7.7)
    oj (2.1.2)
    pry (0.9.12.2)
      coderay (~> 1.0.5)
      method_source (~> 0.8)
      slop (~> 3.4)
    redis (3.0.4)
    rest-client (1.6.7)
      mime-types (>= 1.16)
    rspec (2.13.0)
      rspec-core (~> 2.13.0)
      rspec-expectations (~> 2.13.0)
      rspec-mocks (~> 2.13.0)
    rspec-core (2.13.1)
    rspec-expectations (2.13.0)
      diff-lcs (>= 1.1.3, < 2.0)
    rspec-mocks (2.13.1)
    slop (3.4.5)
    thread_safe (0.3.6)
    tzinfo (1.2.10)
      thread_safe (~> 0.1)

PLATFORMS
  ruby

DEPENDENCIES
  activesupport
  hiredis
  multi_json
  oj
  pry
  redis
  rest-client
  rspec
